GIT
  remote: https://github.com/SeriousM/magiconf.git
  revision: 4dd55962b8285b4da0db527f4d3283e3cc463ea6
  ref: 4dd55962b8285b4da0db527f4d3283e3cc463ea6
  specs:
    magiconf (0.1.2)

GEM
  remote: https://rubygems.org/
  specs:
    action_args (1.0.4)
    actionmailer (3.2.13)
      actionpack (= 3.2.13)
      mail (~> 2.5.3)
    actionpack (3.2.13)
      activemodel (= 3.2.13)
      activesupport (= 3.2.13)
      builder (~> 3.0.0)
      erubis (~> 2.7.0)
      journey (~> 1.0.4)
      rack (~> 1.4.5)
      rack-cache (~> 1.2)
      rack-test (~> 0.6.1)
      sprockets (~> 2.2.1)
    activemodel (3.2.13)
      activesupport (= 3.2.13)
      builder (~> 3.0.0)
    activerecord (3.2.13)
      activemodel (= 3.2.13)
      activesupport (= 3.2.13)
      arel (~> 3.0.2)
      tzinfo (~> 0.3.29)
    activeresource (3.2.13)
      activemodel (= 3.2.13)
      activesupport (= 3.2.13)
    activesupport (3.2.13)
      i18n (= 0.6.1)
      multi_json (~> 1.0)
    addressable (2.3.4)
    arel (3.0.2)
    backports (3.3.0)
    battlenet (1.4.0)
      httparty
    bcrypt-ruby (3.0.1)
    better_errors (0.8.0)
      coderay (>= 1.0.0)
      erubis (>= 2.6.6)
    binding_of_caller (0.7.1)
      debug_inspector (>= 0.0.1)
    bootstrap-sass (2.3.1.0)
      sass (~> 3.2)
    bourne (1.1.2)
      mocha (= 0.10.5)
    bson (1.8.5)
    bson_ext (1.8.5)
      bson (~> 1.8.5)
    builder (3.0.4)
    cancan (1.6.9)
    capybara (2.1.0)
      mime-types (>= 1.16)
      nokogiri (>= 1.3.3)
      rack (>= 1.0.0)
      rack-test (>= 0.5.4)
      xpath (~> 2.0)
    childprocess (0.3.9)
      ffi (~> 1.0, >= 1.0.11)
    coderay (1.0.9)
    coffee-rails (3.2.2)
      coffee-script (>= 2.2.0)
      railties (~> 3.2.0)
    coffee-script (2.2.0)
      coffee-script-source
      execjs
    coffee-script-source (1.6.2)
    crack (0.3.2)
    daemons (1.1.9)
    database_cleaner (0.9.1)
    debug_inspector (0.0.2)
    diff-lcs (1.2.4)
    dotenv (0.7.0)
    email_spec (1.4.0)
      launchy (~> 2.1)
      mail (~> 2.2)
    erubis (2.7.0)
    eventmachine (1.0.3)
    execjs (1.4.0)
      multi_json (~> 1.0)
    fabrication (2.6.5)
    ffi (1.8.1)
    font-awesome-sass-rails (3.0.2.2)
      railties (>= 3.1.1)
      sass-rails (>= 3.1.1)
    foreman (0.63.0)
      dotenv (>= 0.7)
      thor (>= 0.13.6)
    formatador (0.2.4)
    fuubar (1.1.0)
      rspec (~> 2.0)
      rspec-instafail (~> 0.2.0)
      ruby-progressbar (~> 1.0.0)
    gamer_stats (0.2.3)
      httparty
      json
    genghisapp (2.3.4)
      json (~> 1.7.0)
      mongo (~> 1.8.0)
      sinatra (~> 1.3.3)
      sinatra-contrib (~> 1.3.1)
      sinatra-mustache (~> 0.0.4)
      vegas (~> 0.1.8)
    git (1.2.5)
    guard (1.8.0)
      formatador (>= 0.2.4)
      listen (>= 1.0.0)
      lumberjack (>= 1.0.2)
      pry (>= 0.9.10)
      thor (>= 0.14.6)
    guard-rspec (2.6.0)
      guard (>= 1.8)
      rspec (~> 2.13)
    guard-shell (0.5.1)
      guard (>= 1.1.0)
    guard-spork (1.5.0)
      childprocess (>= 0.2.3)
      guard (>= 1.1)
      spork (>= 0.8.4)
    haml (4.0.2)
      tilt
    hashie (2.0.4)
    hike (1.2.2)
    httparty (0.11.0)
      multi_json (~> 1.0)
      multi_xml (>= 0.5.2)
    httpclient (2.3.3)
    i18n (0.6.1)
    journey (1.0.4)
    jquery-rails (2.2.1)
      railties (>= 3.0, < 5.0)
      thor (>= 0.14, < 2.0)
    jquery-ui-rails (3.0.1)
      jquery-rails
      railties (>= 3.1.0)
    json (1.7.7)
    kaminari (0.14.1)
      actionpack (>= 3.0.0)
      activesupport (>= 3.0.0)
    kgio (2.8.0)
    launchy (2.3.0)
      addressable (~> 2.3)
    libv8 (3.11.8.17)
    listen (1.0.3)
      rb-fsevent (>= 0.9.3)
      rb-inotify (>= 0.9)
      rb-kqueue (>= 0.2)
    lumberjack (1.0.3)
    mail (2.5.3)
      i18n (>= 0.4.0)
      mime-types (~> 1.16)
      treetop (~> 1.4.8)
    meta_request (0.2.3)
      rack-contrib
      railties
    metaclass (0.0.1)
    method_source (0.8.1)
    mime-types (1.23)
    mocha (0.10.5)
      metaclass (~> 0.0.1)
    mongo (1.8.5)
      bson (~> 1.8.5)
    mongoid (3.1.3)
      activemodel (~> 3.2)
      moped (~> 1.4.2)
      origin (~> 1.0)
      tzinfo (~> 0.3.22)
    mongoid-rspec (1.8.0)
      mongoid (>= 3.0.1)
      rake
      rspec (>= 2.9)
    mongoid_rails_migrations (1.0.1)
      activesupport (>= 3.2.0)
      bundler (>= 1.0.0)
      rails (>= 3.2.0)
      railties (>= 3.2.0)
    moped (1.4.5)
    multi_json (1.7.3)
    multi_xml (0.5.3)
    mustache (0.99.4)
    nested_form (0.3.2)
    newrelic_rpm (3.6.1.88)
    nokogiri (1.5.9)
    omniauth (1.1.4)
      hashie (>= 1.2, < 3)
      rack
    omniauth-openid (1.0.1)
      omniauth (~> 1.0)
      rack-openid (~> 1.3.1)
    origin (1.1.0)
    percentage (1.0.0)
    polyglot (0.3.3)
    pry (0.9.12)
      coderay (~> 1.0.5)
      method_source (~> 0.8)
      slop (~> 3.4)
    pry-doc (0.4.5)
      pry (>= 0.9)
      yard (>= 0.8)
    pry-rails (0.2.2)
      pry (>= 0.9.10)
    public_activity (1.0.3)
      actionpack (~> 3.0)
      activesupport (~> 3.0)
      i18n (>= 0.5.0)
      railties (~> 3.0)
    quiet_assets (1.0.2)
      railties (>= 3.1, < 5.0)
    rack (1.4.5)
    rack-cache (1.2)
      rack (>= 0.4)
    rack-contrib (1.1.0)
      rack (>= 0.9.1)
    rack-openid (1.3.1)
      rack (>= 1.1.0)
      ruby-openid (>= 2.1.8)
    rack-pjax (0.7.0)
      nokogiri (~> 1.5)
      rack (~> 1.3)
    rack-protection (1.5.0)
      rack
    rack-ssl (1.3.3)
      rack
    rack-test (0.6.2)
      rack (>= 1.0)
    rails (3.2.13)
      actionmailer (= 3.2.13)
      actionpack (= 3.2.13)
      activerecord (= 3.2.13)
      activeresource (= 3.2.13)
      activesupport (= 3.2.13)
      bundler (~> 1.0)
      railties (= 3.2.13)
    rails_admin (0.4.7)
      bootstrap-sass (~> 2.2)
      builder (~> 3.0)
      coffee-rails (~> 3.1)
      font-awesome-sass-rails (~> 3.0, >= 3.0.0.1)
      haml (~> 4.0)
      jquery-rails (~> 2.1)
      jquery-ui-rails (~> 3.0)
      kaminari (~> 0.14)
      nested_form (~> 0.3)
      rack-pjax (~> 0.6)
      rails (~> 3.1)
      remotipart (~> 1.0)
      safe_yaml (~> 0.6)
      sass-rails (~> 3.1)
    railties (3.2.13)
      actionpack (= 3.2.13)
      activesupport (= 3.2.13)
      rack-ssl (~> 1.3.2)
      rake (>= 0.8.7)
      rdoc (~> 3.4)
      thor (>= 0.14.6, < 2.0)
    raindrops (0.11.0)
    rake (10.0.4)
    rb-fchange (0.0.6)
      ffi
    rb-fsevent (0.9.3)
    rb-inotify (0.9.0)
      ffi (>= 0.5.0)
    rb-kqueue (0.2.0)
      ffi (>= 0.5.0)
    rdoc (3.12.2)
      json (~> 1.4)
    ref (1.0.4)
    remotipart (1.0.5)
    rolify (3.2.0)
    rspec (2.13.0)
      rspec-core (~> 2.13.0)
      rspec-expectations (~> 2.13.0)
      rspec-mocks (~> 2.13.0)
    rspec-core (2.13.1)
    rspec-expectations (2.13.0)
      diff-lcs (>= 1.1.3, < 2.0)
    rspec-instafail (0.2.4)
    rspec-mocks (2.13.1)
    rspec-rails (2.13.1)
      actionpack (>= 3.0)
      activesupport (>= 3.0)
      railties (>= 3.0)
      rspec-core (~> 2.13.0)
      rspec-expectations (~> 2.13.0)
      rspec-mocks (~> 2.13.0)
    ruby-openid (2.2.3)
    ruby-progressbar (1.0.2)
    safe_yaml (0.9.1)
    sass (3.2.8)
    sass-rails (3.2.6)
      railties (~> 3.2.0)
      sass (>= 3.1.10)
      tilt (~> 1.3)
    shoulda (3.3.2)
      shoulda-context (~> 1.0.1)
      shoulda-matchers (~> 1.4.1)
    shoulda-context (1.0.2)
    shoulda-matchers (1.4.2)
      activesupport (>= 3.0.0)
      bourne (~> 1.1.2)
    simple_form (2.1.0)
      actionpack (~> 3.0)
      activemodel (~> 3.0)
    sinatra (1.3.6)
      rack (~> 1.4)
      rack-protection (~> 1.3)
      tilt (~> 1.3, >= 1.3.3)
    sinatra-contrib (1.3.2)
      backports (>= 2.0)
      eventmachine
      rack-protection
      rack-test
      sinatra (~> 1.3.0)
      tilt (~> 1.3)
    sinatra-mustache (0.0.6)
      mustache (~> 0.99)
      sinatra (~> 1.3, ~> 1.2)
      tilt (~> 1.3, ~> 1.2)
    slop (3.4.4)
    spork (0.9.2)
    sprockets (2.2.2)
      hike (~> 1.2)
      multi_json (~> 1.0)
      rack (~> 1.0)
      tilt (~> 1.1, != 1.3.0)
    symbolize (4.3.3)
    therubyracer (0.11.4)
      libv8 (~> 3.11.8.12)
      ref
    thin (1.5.1)
      daemons (>= 1.0.9)
      eventmachine (>= 0.12.6)
      rack (>= 1.0.0)
    thor (0.18.1)
    tilt (1.4.1)
    treetop (1.4.12)
      polyglot
      polyglot (>= 0.3.1)
    tzinfo (0.3.37)
    uglifier (2.0.1)
      execjs (>= 0.3.0)
      multi_json (~> 1.0, >= 1.0.2)
    unicorn (4.6.2)
      kgio (~> 2.6)
      rack
      raindrops (~> 0.7)
    vcr (2.4.0)
    vegas (0.1.11)
      rack (>= 1.0.0)
    webmock (1.8.11)
      addressable (>= 2.2.7)
      crack (>= 0.1.7)
    xpath (2.0.0)
      nokogiri (~> 1.3)
    yard (0.8.6.1)

PLATFORMS
  ruby

DEPENDENCIES
  action_args (= 1.0.4)
  battlenet (= 1.4.0)
  bcrypt-ruby (= 3.0.1)
  better_errors (= 0.8.0)
  binding_of_caller (= 0.7.1)
  bootstrap-sass (= 2.3.1)
  bson_ext (= 1.8.5)
  cancan (= 1.6.9)
  capybara (= 2.1.0)
  coffee-rails (= 3.2.2)
  database_cleaner (= 0.9.1)
  email_spec (= 1.4.0)
  fabrication (= 2.6.5)
  foreman (= 0.63.0)
  fuubar (= 1.1.0)
  gamer_stats (= 0.2.3)
  genghisapp (= 2.3.4)
  git (= 1.2.5)
  guard-rspec (= 2.6.0)
  guard-shell (= 0.5.1)
  guard-spork (= 1.5.0)
  haml (= 4.0.2)
  httpclient (= 2.3.3)
  jquery-rails (= 2.2.1)
  magiconf!
  meta_request (= 0.2.3)
  mongoid (= 3.1.3)
  mongoid-rspec (= 1.8.0)
  mongoid_rails_migrations (= 1.0.1)
  newrelic_rpm
  nokogiri (= 1.5.9)
  omniauth (= 1.1.4)
  omniauth-openid
  percentage (= 1.0.0)
  pry (= 0.9.12)
  pry-doc (= 0.4.5)
  pry-rails (= 0.2.2)
  public_activity (= 1.0.3)
  quiet_assets (= 1.0.2)
  rails (= 3.2.13)
  rails_admin (= 0.4.7)
  rb-fchange
  rb-fsevent
  rb-inotify
  rolify (= 3.2.0)
  rspec-rails (= 2.13.1)
  safe_yaml (= 0.9.1)
  sass-rails (= 3.2.6)
  shoulda (= 3.3.2)
  simple_form (= 2.1.0)
  spork (= 0.9.2)
  symbolize (= 4.3.3)
  therubyracer (= 0.11.4)
  thin (= 1.5.1)
  uglifier (= 2.0.1)
  unicorn (= 4.6.2)
  vcr (= 2.4.0)
  webmock (< 1.9)
