GIT
  remote: https://github.com/SeriousM/figaro.git
  revision: 46e999e88664a99386964e3deb5a01e8a6c67ae7
  ref: 46e999e88664a99386964e3deb5a01e8a6c67ae7
  specs:
    figaro (0.5.0)
      rails (~> 3.0)

GIT
  remote: https://github.com/SeriousM/symbolize.git
  revision: 48f3d7c0d7afd81ed267d0f98b4f787c8e260ce0
  specs:
    symbolize (4.2.2)

GEM
  remote: https://rubygems.org/
  specs:
    action_args (1.0.4)
    actionmailer (3.2.12)
      actionpack (= 3.2.12)
      mail (~> 2.4.4)
    actionpack (3.2.12)
      activemodel (= 3.2.12)
      activesupport (= 3.2.12)
      builder (~> 3.0.0)
      erubis (~> 2.7.0)
      journey (~> 1.0.4)
      rack (~> 1.4.5)
      rack-cache (~> 1.2)
      rack-test (~> 0.6.1)
      sprockets (~> 2.2.1)
    activemodel (3.2.12)
      activesupport (= 3.2.12)
      builder (~> 3.0.0)
    activerecord (3.2.12)
      activemodel (= 3.2.12)
      activesupport (= 3.2.12)
      arel (~> 3.0.2)
      tzinfo (~> 0.3.29)
    activeresource (3.2.12)
      activemodel (= 3.2.12)
      activesupport (= 3.2.12)
    activesupport (3.2.12)
      i18n (~> 0.6)
      multi_json (~> 1.0)
    addressable (2.3.2)
    arel (3.0.2)
    backports (2.8.2)
    battlenet (1.4.0)
      httparty
    bcrypt-ruby (3.0.1)
    bcrypt-ruby (3.0.1-x86-mingw32)
    better_errors (0.6.0)
      coderay (>= 1.0.0)
      erubis (>= 2.6.6)
    bf3 (0.0.1)
      httparty
    binding_of_caller (0.6.9)
      debug_inspector (>= 0.0.1)
    bootstrap-sass (2.2.2.0)
      sass (~> 3.2)
    bourne (1.1.2)
      mocha (= 0.10.5)
    bson (1.7.1)
    bson_ext (1.7.1)
      bson (~> 1.7.1)
    builder (3.0.4)
    cancan (1.6.8)
    capybara (2.0.2)
      mime-types (>= 1.16)
      nokogiri (>= 1.3.3)
      rack (>= 1.0.0)
      rack-test (>= 0.5.4)
      selenium-webdriver (~> 2.0)
      xpath (~> 1.0.0)
    childprocess (0.3.8)
      ffi (~> 1.0, >= 1.0.11)
    coderay (1.0.8)
    coffee-rails (3.2.2)
      coffee-script (>= 2.2.0)
      railties (~> 3.2.0)
    coffee-script (2.2.0)
      coffee-script-source
      execjs
    coffee-script-source (1.4.0)
    crack (0.3.2)
    daemons (1.1.9)
    database_cleaner (0.9.1)
    debug_inspector (0.0.2)
    diff-lcs (1.1.3)
    email_spec (1.4.0)
      launchy (~> 2.1)
      mail (~> 2.2)
    erubis (2.7.0)
    eventmachine (1.0.0)
    eventmachine (1.0.0-x86-mingw32)
    execjs (1.4.0)
      multi_json (~> 1.0)
    fabrication (2.5.4)
    ffi (1.3.1)
    ffi (1.3.1-x86-mingw32)
    font-awesome-sass-rails (3.0.2.0)
      railties (>= 3.1.1)
      sass-rails (>= 3.1.1)
    foreman (0.61.0)
      thor (>= 0.13.6)
    foreman (0.61.0-x86-mingw32)
      thor (>= 0.13.6)
      win32console (~> 1.3.0)
    fuubar (1.1.0)
      rspec (~> 2.0)
      rspec-instafail (~> 0.2.0)
      ruby-progressbar (~> 1.0.0)
    genghisapp (2.1.6)
      json (~> 1.7.0)
      mongo (~> 1.7.0)
      sinatra (~> 1.3.3)
      sinatra-contrib (~> 1.3.1)
      sinatra-mustache (~> 0.0.4)
      vegas (~> 0.1.8)
    git (1.2.5)
    guard (1.6.2)
      listen (>= 0.6.0)
      lumberjack (>= 1.0.2)
      pry (>= 0.9.10)
      terminal-table (>= 1.4.3)
      thor (>= 0.14.6)
    guard-rspec (2.4.0)
      guard (>= 1.1)
      rspec (~> 2.11)
    guard-shell (0.5.1)
      guard (>= 1.1.0)
    guard-spork (1.4.1)
      childprocess (>= 0.2.3)
      guard (>= 1.1)
      spork (>= 0.8.4)
    haml (3.1.7)
    hashie (1.2.0)
    hike (1.2.1)
    httparty (0.10.2)
      multi_json (~> 1.0)
      multi_xml (>= 0.5.2)
    httpclient (2.3.2)
    i18n (0.6.1)
    journey (1.0.4)
    jquery-rails (2.2.0)
      railties (>= 3.0, < 5.0)
      thor (>= 0.14, < 2.0)
    jquery-ui-rails (3.0.1)
      jquery-rails
      railties (>= 3.1.0)
    json (1.7.7)
    kaminari (0.14.1)
      actionpack (>= 3.0.0)
      activesupport (>= 3.0.0)
    kgio (2.8.0)
    launchy (2.2.0)
      addressable (~> 2.3)
    listen (0.7.2)
    lumberjack (1.0.2)
    mail (2.4.4)
      i18n (>= 0.4.0)
      mime-types (~> 1.16)
      treetop (~> 1.4.8)
    meta_request (0.2.1)
      rack-contrib
      rails
    metaclass (0.0.1)
    method_source (0.8.1)
    mime-types (1.21)
    mocha (0.10.5)
      metaclass (~> 0.0.1)
    mongo (1.7.1)
      bson (~> 1.7.1)
    mongoid (3.0.18)
      activemodel (~> 3.1)
      moped (~> 1.2)
      origin (~> 1.0)
      tzinfo (~> 0.3.22)
    mongoid-rspec (1.5.6)
      mongoid (>= 3.0.1)
      rake
      rspec (>= 2.9)
    mongoid_rails_migrations (1.0.0)
      activesupport (>= 3.2.0)
      bundler (>= 1.0.0)
      rails (>= 3.2.0)
      railties (>= 3.2.0)
    moped (1.4.2)
    multi_json (1.6.0)
    multi_xml (0.5.3)
    mustache (0.99.4)
    nested_form (0.3.1)
    newrelic_rpm (3.5.5.38)
    nokogiri (1.5.6)
    nokogiri (1.5.6-x86-mingw32)
    omniauth (1.1.1)
      hashie (~> 1.2)
      rack
    omniauth-openid (1.0.1)
      omniauth (~> 1.0)
      rack-openid (~> 1.3.1)
    origin (1.0.11)
    polyglot (0.3.3)
    pry (0.9.11)
      coderay (~> 1.0.5)
      method_source (~> 0.8)
      slop (~> 3.4)
    pry (0.9.11-x86-mingw32)
      coderay (~> 1.0.5)
      method_source (~> 0.8)
      slop (~> 3.4)
      win32console (~> 1.3)
    pry-doc (0.4.4)
      pry (>= 0.9.9.6)
      yard (~> 0.8.1)
    pry-rails (0.2.2)
      pry (>= 0.9.10)
    quiet_assets (1.0.1)
      railties (~> 3.1)
    rack (1.4.5)
    rack-cache (1.2)
      rack (>= 0.4)
    rack-contrib (1.1.0)
      rack (>= 0.9.1)
    rack-openid (1.3.1)
      rack (>= 1.1.0)
      ruby-openid (>= 2.1.8)
    rack-pjax (0.7.0)
      nokogiri (~> 1.5)
      rack (~> 1.3)
    rack-protection (1.3.2)
      rack
    rack-ssl (1.3.3)
      rack
    rack-test (0.6.2)
      rack (>= 1.0)
    rails (3.2.12)
      actionmailer (= 3.2.12)
      actionpack (= 3.2.12)
      activerecord (= 3.2.12)
      activeresource (= 3.2.12)
      activesupport (= 3.2.12)
      bundler (~> 1.0)
      railties (= 3.2.12)
    rails_admin (0.4.4)
      bootstrap-sass (~> 2.2)
      builder (~> 3.0)
      coffee-rails (~> 3.1)
      font-awesome-sass-rails (~> 3.0, >= 3.0.0.1)
      haml (~> 3.1)
      jquery-rails (~> 2.1)
      jquery-ui-rails (~> 3.0)
      kaminari (~> 0.14)
      nested_form (~> 0.3)
      rack-pjax (~> 0.6)
      rails (~> 3.1)
      remotipart (~> 1.0)
      safe_yaml (~> 0.6)
      sass-rails (~> 3.1)
    railties (3.2.12)
      actionpack (= 3.2.12)
      activesupport (= 3.2.12)
      rack-ssl (~> 1.3.2)
      rake (>= 0.8.7)
      rdoc (~> 3.4)
      thor (>= 0.14.6, < 2.0)
    raindrops (0.10.0)
    rake (10.0.3)
    rb-fchange (0.0.6)
      ffi
    rb-fsevent (0.9.3)
    rb-inotify (0.9.0)
      ffi (>= 0.5.0)
    rdoc (3.12.1)
      json (~> 1.4)
    remotipart (1.0.5)
    rolify (3.2.0)
    rspec (2.12.0)
      rspec-core (~> 2.12.0)
      rspec-expectations (~> 2.12.0)
      rspec-mocks (~> 2.12.0)
    rspec-core (2.12.2)
    rspec-expectations (2.12.1)
      diff-lcs (~> 1.1.3)
    rspec-instafail (0.2.4)
    rspec-mocks (2.12.2)
    rspec-rails (2.12.2)
      actionpack (>= 3.0)
      activesupport (>= 3.0)
      railties (>= 3.0)
      rspec-core (~> 2.12.0)
      rspec-expectations (~> 2.12.0)
      rspec-mocks (~> 2.12.0)
    ruby-openid (2.2.3)
    ruby-progressbar (1.0.2)
    rubyzip (0.9.9)
    safe_yaml (0.7.1)
    sass (3.2.5)
    sass-rails (3.2.6)
      railties (~> 3.2.0)
      sass (>= 3.1.10)
      tilt (~> 1.3)
    selenium-webdriver (2.29.0)
      childprocess (>= 0.2.5)
      multi_json (~> 1.0)
      rubyzip
      websocket (~> 1.0.4)
    shoulda (3.3.2)
      shoulda-context (~> 1.0.1)
      shoulda-matchers (~> 1.4.1)
    shoulda-context (1.0.2)
    shoulda-matchers (1.4.2)
      activesupport (>= 3.0.0)
      bourne (~> 1.1.2)
    simple_form (2.0.4)
      actionpack (~> 3.0)
      activemodel (~> 3.0)
    sinatra (1.3.4)
      rack (~> 1.4)
      rack-protection (~> 1.3)
      tilt (~> 1.3, >= 1.3.3)
    sinatra-contrib (1.3.2)
      backports (>= 2.0)
      eventmachine
      rack-protection
      rack-test
      sinatra (~> 1.3.0)
      tilt (~> 1.3)
    sinatra-mustache (0.0.6)
      mustache (~> 0.99)
      sinatra (~> 1.3, ~> 1.2)
      tilt (~> 1.3, ~> 1.2)
    slop (3.4.3)
    spork (0.9.2)
    sprockets (2.2.2)
      hike (~> 1.2)
      multi_json (~> 1.0)
      rack (~> 1.0)
      tilt (~> 1.1, != 1.3.0)
    terminal-table (1.4.5)
    thin (1.5.0)
      daemons (>= 1.0.9)
      eventmachine (>= 0.12.6)
      rack (>= 1.0.0)
    thor (0.17.0)
    tilt (1.3.3)
    treetop (1.4.12)
      polyglot
      polyglot (>= 0.3.1)
    tzinfo (0.3.35)
    uglifier (1.3.0)
      execjs (>= 0.3.0)
      multi_json (~> 1.0, >= 1.0.2)
    unicorn (4.5.0)
      kgio (~> 2.6)
      rack
      raindrops (~> 0.7)
    vcr (2.4.0)
    vegas (0.1.11)
      rack (>= 1.0.0)
    webmock (1.8.11)
      addressable (>= 2.2.7)
      crack (>= 0.1.7)
    websocket (1.0.7)
    win32console (1.3.2-x86-mingw32)
    xpath (1.0.0)
      nokogiri (~> 1.3)
    yard (0.8.4.1)

PLATFORMS
  ruby
  x86-mingw32

DEPENDENCIES
  action_args (= 1.0.4)
  battlenet (= 1.4.0)
  bcrypt-ruby (= 3.0.1)
  better_errors (= 0.6.0)
  bf3 (= 0.0.1)
  binding_of_caller (= 0.6.9)
  bootstrap-sass (= 2.2.2)
  bson_ext
  cancan (= 1.6.8)
  capybara (= 2.0.2)
  coffee-rails (= 3.2.2)
  database_cleaner (= 0.9.1)
  email_spec (= 1.4.0)
  fabrication (= 2.5.4)
  figaro!
  foreman (= 0.61.0)
  fuubar (= 1.1.0)
  genghisapp (= 2.1.6)
  git (= 1.2.5)
  guard-rspec (= 2.4.0)
  guard-shell (= 0.5.1)
  guard-spork (= 1.4.1)
  haml (= 3.1.7)
  httpclient (= 2.3.2)
  jquery-rails (= 2.2.0)
  meta_request (= 0.2.1)
  mongoid (= 3.0.18)
  mongoid-rspec (= 1.5.6)
  mongoid_rails_migrations (= 1.0.0)
  newrelic_rpm
  nokogiri (= 1.5.6)
  omniauth (= 1.1.1)
  omniauth-openid
  pry (= 0.9.11)
  pry-doc (= 0.4.4)
  pry-rails (= 0.2.2)
  quiet_assets (= 1.0.1)
  rails (= 3.2.12)
  rails_admin (= 0.4.4)
  rb-fchange
  rb-fsevent
  rb-inotify
  rolify (= 3.2.0)
  rspec-rails (= 2.12.2)
  sass-rails (= 3.2.6)
  shoulda (= 3.3.2)
  simple_form (= 2.0.4)
  spork (= 0.9.2)
  symbolize!
  thin (= 1.5.0)
  uglifier (= 1.3.0)
  unicorn (= 4.5.0)
  vcr (= 2.4.0)
  webmock (< 1.9)
